GEM
  remote: https://rubygems.org/
  specs:
    json (1.8.2)
    rack (1.6.1)
    rack-protection (1.5.3)
      rack
    ruby-ole (1.2.11.8)
    sinatra (1.4.6)
      rack (~> 1.4)
      rack-protection (~> 1.4)
      tilt (>= 1.3, < 3)
    spreadsheet (1.0.3)
      ruby-ole (>= 1.0)
    tilt (2.0.1)

PLATFORMS
  ruby

DEPENDENCIES
  json
  sinatra
  spreadsheet
