GEM
  remote: https://rubygems.org/
  specs:
    json (1.8.2)
    rack (1.6.0)
    rack-protection (1.5.3)
      rack
    ruby-ole (1.2.11.8)
    sinatra (1.4.5)
      rack (~> 1.4)
      rack-protection (~> 1.4)
      tilt (~> 1.3, >= 1.3.4)
    spreadsheet (1.0.3)
      ruby-ole (>= 1.0)
    tilt (1.4.1)

PLATFORMS
  ruby
  x86-mingw32

DEPENDENCIES
  json
  sinatra
  spreadsheet
